GEM
  remote: https://rubygems.org/
  specs:
    addressable (2.3.5)
    celluloid (0.14.1)
      timers (>= 1.0.0)
    commonjs (0.2.6)
    connection_pool (1.1.0)
    daemons (1.1.9)
    em-websocket (0.3.8)
      addressable (>= 2.1.1)
      eventmachine (>= 0.12.9)
    eventmachine (1.0.3)
    git (1.2.5)
    hike (1.2.3)
    ice_cube (0.11.0)
    json (1.8.0)
    less (2.3.2)
      commonjs (~> 0.2.6)
    libv8 (3.11.8.17)
    multi_json (1.7.7)
    open4 (1.3.0)
    rack (1.5.2)
    rack-protection (1.5.0)
      rack
    redis (3.0.4)
    redis-namespace (1.3.0)
      redis (~> 3.0.0)
    ref (1.0.5)
    sidekiq (2.13.0)
      celluloid (>= 0.14.1)
      connection_pool (>= 1.0.0)
      json
      redis (>= 3.0)
      redis-namespace
    sidetiq (0.3.5)
      ice_cube (~> 0.11.0)
      sidekiq (~> 2.13.0)
    sinatra (1.4.3)
      rack (~> 1.4)
      rack-protection (~> 1.4)
      tilt (~> 1.3, >= 1.3.4)
    sinatra-websocket (0.3.0)
      em-websocket (~> 0.3.6)
      eventmachine
      thin (>= 1.3.1)
    slim (2.0.0)
      temple (~> 0.6.5)
      tilt (~> 1.3, >= 1.3.3)
    sprockets (2.10.0)
      hike (~> 1.2)
      multi_json (~> 1.0)
      rack (~> 1.0)
      tilt (~> 1.1, != 1.3.0)
    sprockets-helpers (1.0.1)
      sprockets (~> 2.0)
    sprockets-less (0.5.3)
      less (~> 2.3.0)
      tilt (~> 1.1)
    temple (0.6.5)
    therubyracer (0.11.4)
      libv8 (~> 3.11.8.12)
      ref
    thin (1.5.1)
      daemons (>= 1.0.9)
      eventmachine (>= 0.12.6)
      rack (>= 1.0.0)
    tilt (1.4.1)
    timers (1.1.0)
    web-socket-ruby (0.1.0)

PLATFORMS
  ruby

DEPENDENCIES
  git (~> 1.2.5)
  json (~> 1.8.0)
  less (~> 2.3.2)
  open4 (~> 1.3.0)
  redis (~> 3.0.4)
  sidekiq (~> 2.13.0)
  sidetiq (~> 0.3.5)
  sinatra (~> 1.4.3)
  sinatra-websocket (~> 0.3.0)
  slim (>= 1.1.0)
  sprockets (~> 2.10.0)
  sprockets-helpers (~> 1.0.1)
  sprockets-less (~> 0.5.3)
  therubyracer
  web-socket-ruby (~> 0.1.0)
